PATH
  remote: .
  specs:
    omniauth-tumblr (1.1)
      multi_json
      omniauth-oauth (~> 1.0)

GEM
  remote: http://rubygems.org/
  specs:
    diff-lcs (1.1.3)
    hashie (1.2.0)
    multi_json (1.3.6)
    oauth (0.4.6)
    omniauth (1.1.0)
      hashie (~> 1.2)
      rack
    omniauth-oauth (1.0.1)
      oauth
      omniauth (~> 1.0)
    rack (1.4.1)
    rake (0.9.2.2)
    rspec (2.11.0)
      rspec-core (~> 2.11.0)
      rspec-expectations (~> 2.11.0)
      rspec-mocks (~> 2.11.0)
    rspec-core (2.11.1)
    rspec-expectations (2.11.2)
      diff-lcs (~> 1.1.3)
    rspec-mocks (2.11.1)

PLATFORMS
  ruby

DEPENDENCIES
  omniauth-tumblr!
  rake
  rspec
